GIT
  remote: https://github.com/dstockdale/nationbuilder-rb.git
  revision: 2edb165196e3796d277279e3434cfe22c9a8e1a4
  specs:
    nationbuilder-rb (0.3.0)
      httpclient (~> 2.4.0)

GEM
  remote: https://rubygems.org/
  specs:
    activesupport (4.1.6)
      i18n (~> 0.6, >= 0.6.9)
      json (~> 1.7, >= 1.7.7)
      minitest (~> 5.1)
      thread_safe (~> 0.1)
      tzinfo (~> 1.1)
    coderay (1.1.0)
    httpclient (2.4.0)
    i18n (0.6.11)
    image_downloader (0.2.4)
      nokogiri (>= 1.4.4)
    json (1.8.1)
    method_source (0.8.2)
    mini_portile2 (2.4.0)
    minitest (5.4.2)
    nokogiri (1.10.10)
      mini_portile2 (~> 2.4.0)
    pry (0.10.1)
      coderay (~> 1.1.0)
      method_source (~> 0.8.1)
      slop (~> 3.4)
    slop (3.6.0)
    thread_safe (0.3.4)
    tzinfo (1.2.2)
      thread_safe (~> 0.1)

PLATFORMS
  ruby

DEPENDENCIES
  activesupport
  image_downloader
  nationbuilder-rb!
  nokogiri
  pry
